GEM
  remote: http://rubygems.org/
  specs:
    byebug (9.0.5)
    minitest (5.9.0)
    rake (11.2.2)

PLATFORMS
  ruby

DEPENDENCIES
  byebug
  minitest
  rake

BUNDLED WITH
   1.12.5
